PATH
  remote: .
  specs:
    css_parser (1.2.6)
      addressable
      rdoc

GEM
  remote: http://rubygems.org/
  specs:
    addressable (2.2.7)
    bouncy-castle-java (1.5.0146.1)
    jar-dependencies (0.4.1)
    jruby-openssl (0.7.6.1)
      bouncy-castle-java (>= 1.5.0146.1)
    psych (5.1.0)
      stringio
    psych (5.1.0-java)
      jar-dependencies (>= 0.1.7)
    rake (0.9.2.2)
    rdoc (6.5.0)
      psych (>= 4.0.0)
    stringio (3.0.5)

PLATFORMS
  java
  ruby

DEPENDENCIES
  css_parser!
  jruby-openssl
  rake
